GEM
  remote: http://rubygems.org/
  specs:
    activesupport (3.2.3)
      i18n (~> 0.6)
      multi_json (~> 1.0)
    coffee-script (2.2.0)
      coffee-script-source
      execjs
    coffee-script-source (1.3.3)
    execjs (1.4.0)
      multi_json (~> 1.0)
    haml (3.1.3)
    i18n (0.6.0)
    json (1.7.3)
    libv8 (3.3.10.4)
    multi_json (1.3.5)
    nokogiri (1.5.2)
    rack (1.4.1)
    sass (3.1.19)
    scrapify (0.0.4)
      activesupport
      json
      nokogiri
    sinatra (1.2.7)
      rack (~> 1.1)
      tilt (< 2.0, >= 1.2.2)
    therubyracer (0.10.1)
      libv8 (~> 3.3.10)
    tilt (1.3.3)

PLATFORMS
  ruby

DEPENDENCIES
  activesupport
  coffee-script
  haml
  json
  sass
  scrapify
  sinatra
  therubyracer
