GEM
  remote: http://rubygems.org/
  specs:
    rack (1.4.1)
    sinatra (1.2.7)
      rack (~> 1.1)
      tilt (< 2.0, >= 1.2.2)
    tilt (1.3.3)

PLATFORMS
  ruby

DEPENDENCIES
  sinatra
